GEM
  remote: http://rubygems.org/
  specs:
    activesupport (3.0.5)
    daemons (1.1.2)
    eventmachine (0.12.10)
    i18n (0.4.2)
    rack (1.2.2)
    rack-rewrite (1.0.2)
    serve (1.0.0)
      activesupport (~> 3.0.1)
      i18n (~> 0.4.1)
      rack (~> 1.2.1)
      tzinfo (~> 0.3.23)
    thin (1.2.11)
      daemons (>= 1.0.9)
      eventmachine (>= 0.12.6)
      rack (>= 1.0.0)
    tzinfo (0.3.25)

PLATFORMS
  ruby

DEPENDENCIES
  rack
  rack-rewrite
  serve
  thin
